PATH
  remote: .
  specs:
    tritium (1.5)
      beefcake
      bundler
      diff-lcs (~> 1.1.2)
      nokogiri

GEM
  remote: http://rubygems.org/
  remote: http://gems.moovweb.org/
  specs:
    beefcake (0.3.7)
    diff-lcs (1.1.3)
    moov_build_tasks (0.2.24)
      bundler
      rake
    nokogiri (1.5.0)
    rake (0.9.2.2)

PLATFORMS
  ruby

DEPENDENCIES
  diff-lcs (~> 1.1.2)
  moov_build_tasks (~> 0.2.24)
  rake (= 0.9.2.2)
  tritium!
