PATH
  remote: .
  specs:
    tritium (0.1.1)
      bundler
      nokogiri
      tidy_ffi
      yajl-ruby

GEM
  remote: http://rubygems.org/
  specs:
    ffi (1.0.7)
      rake (>= 0.8.7)
    nokogiri (1.4.4)
    rake (0.8.7)
    tidy_ffi (0.1.3)
      ffi (>= 0.3.5)
    yajl-ruby (0.8.2)

PLATFORMS
  ruby

DEPENDENCIES
  rake
  tritium!
