PATH
  remote: .
  specs:
    tritium (1.0)
      bundler
      diff-lcs (~> 1.1.2)
      nokogiri
      sequel
      yajl-ruby

GEM
  remote: http://rubygems.org/
  remote: http://gems.moovweb.org/
  specs:
    diff-lcs (1.1.3)
    moov_build_tasks (0.2.24)
      bundler
      rake
    nokogiri (1.5.0)
    rake (0.8.7)
    sequel (3.27.0)
    yajl-ruby (0.8.3)

PLATFORMS
  ruby

DEPENDENCIES
  moov_build_tasks (~> 0.2.24)
  tritium!
