PATH
  remote: .
  specs:
    tritium (0.2)
      bundler
      nokogiri
      rainbow
      sequel
      tidy_ffi
      yajl-ruby

GEM
  remote: http://rubygems.org/
  remote: http://gems.moovweb.org/
  specs:
    ffi (1.0.9)
    moov_build_tasks (0.2.24)
      bundler
      rake
    nokogiri (1.5.0)
    rainbow (1.1.1)
    rake (0.8.7)
    sequel (3.25.0)
    tidy_ffi (0.1.3)
      ffi (>= 0.3.5)
    yajl-ruby (0.8.2)

PLATFORMS
  ruby

DEPENDENCIES
  moov_build_tasks (~> 0.2.24)
  tritium!
