PATH
  remote: .
  specs:
    tritium (1.1)
      bundler
      diff-lcs (~> 1.1.2)
      nokogiri

GEM
  remote: http://rubygems.org/
  remote: http://gems.moovweb.org/
  specs:
    diff-lcs (1.1.3)
    moov_build_tasks (0.2.24)
      bundler
      rake
    nokogiri (1.5.0)
    rake (0.8.7)

PLATFORMS
  ruby

DEPENDENCIES
  moov_build_tasks (~> 0.2.24)
  tritium!
