PATH
  remote: .
  specs:
    tritium (0.2)
      bundler
      moov_build_tasks (>= 0.2)
      nokogiri
      sequel
      tidy_ffi
      yajl-ruby

GEM
  remote: http://rubygems.org/
  remote: http://gems.moovweb.org/
  specs:
    ffi (1.0.8)
    moov_build_tasks (0.2)
      bundler
      rake
    nokogiri (1.4.4)
    rake (0.8.7)
    sequel (3.23.0)
    tidy_ffi (0.1.3)
      ffi (>= 0.3.5)
    yajl-ruby (0.8.2)

PLATFORMS
  ruby

DEPENDENCIES
  tritium!
